PATH
  remote: .
  specs:
    cryptorama (0.0.0)
      argon2 (~> 2.0.0)
      base32 (~> 0.3.2)
      bcrypt (~> 3.1.12)
      hexhelper (~> 0.0.2)
      optimist (~> 3.0.0)
      salsa20 (~> 0.1.3)
      sinatra (~> 2.0.5)
      singlogger (~> 0.0.0)
      smbhash (~> 1.0.2)
      thin (~> 1.7.2)

GEM
  remote: https://rubygems.org/
  specs:
    argon2 (2.0.0)
      ffi (~> 1.9)
      ffi-compiler (~> 0.1)
    base32 (0.3.2)
    bcrypt (3.1.12)
    daemons (1.3.1)
    docile (1.1.5)
    eventmachine (1.2.7)
    ffi (1.10.0)
    ffi-compiler (0.1.3)
      ffi (>= 1.0.0)
      rake
    hexhelper (0.0.2)
    json (2.1.0)
    mustermann (1.0.3)
    optimist (3.0.0)
    power_assert (1.1.3)
    rack (2.0.6)
    rack-protection (2.0.5)
      rack
    rake (10.5.0)
    salsa20 (0.1.3)
    simplecov (0.14.1)
      docile (~> 1.1.0)
      json (>= 1.8, < 3)
      simplecov-html (~> 0.10.0)
    simplecov-html (0.10.2)
    sinatra (2.0.5)
      mustermann (~> 1.0)
      rack (~> 2.0)
      rack-protection (= 2.0.5)
      tilt (~> 2.0)
    singlogger (0.0.1)
    smbhash (1.0.2)
    test-unit (3.2.9)
      power_assert
    thin (1.7.2)
      daemons (~> 1.0, >= 1.0.9)
      eventmachine (~> 1.0, >= 1.0.4)
      rack (>= 1, < 3)
    tilt (2.0.9)

PLATFORMS
  ruby

DEPENDENCIES
  bundler (~> 1.11)
  cryptorama!
  rake (~> 10.0)
  simplecov (~> 0.14.1)
  test-unit (~> 3.2.8)

BUNDLED WITH
   1.17.1
